GEM
  remote: https://rubygems.org/
  specs:
    cause (0.1)
    chunky_png (1.3.8)
    influxdb (0.3.14)
      cause
      json
    json (2.0.3)

PLATFORMS
  ruby

DEPENDENCIES
  chunky_png
  influxdb

BUNDLED WITH
   1.14.6
